REDIRECTS: ON
NUGET
  remote: https://www.nuget.org/api/v2
    AcoustID.NET (1.3.2.1)
    ColorMine (1.1.3) - framework: >= net45
    DeltaCompressionDotNet (1.0) - framework: >= net45
    HUSL (1.0.1) - framework: >= net45
    LiteDB (2.0.4) - framework: >= net45
    MathNet.Numerics (3.15) - framework: >= net45
    Mono.Cecil (0.9.6.1) - framework: >= net45
    Newtonsoft.Json (9.0.1)
    NuGet.CommandLine (3.4.3)
    OpenTK (2.0) - framework: >= net45
    QuickFont.Desktop (4.4.6159.26433) - framework: >= net45
      OpenTK (>= 2.0)
      SharpFont (>= 4.0)
      SharpFont.Dependencies (>= 2.6)
    SharpFont (4.0.1) - framework: >= net45
      SharpFont.Dependencies
    SharpRaven (2.1)
      Newtonsoft.Json (>= 6.0.6)
    Splat (2.0) - framework: >= net45
    squirrel.windows (1.5.1) - framework: >= net45
      DeltaCompressionDotNet (>= 1.0 < 2.0)
      Mono.Cecil (>= 0.9.6.1)
      Splat (>= 1.6.2)
    TagLib.Portable (1.0.4) - framework: >= net45
  remote: https://ci.appveyor.com/nuget/cscore-lt381sf5ht3e
    CSCore (1.1.29)
    CSCore.OSX (1.1.29)
      CSCore (>= 1.1.29)
  remote: https://ci.appveyor.com/nuget/gwen-nolegacy-opentk-renderer-y8bf4l8s9nxo
    Gwen (4.0.6207.13461) - framework: >= net45
      OpenTK (>= 2.0)
    Gwen.Renderer.OpenTK (4.0.6207.13461) - framework: >= net45
      Gwen (>= 4.0)
      OpenTK (>= 2.0)
      QuickFont.Desktop (>= 4.3.6018.34176)
      SharpFont (>= 3.1)
      SharpFont.Dependencies (>= 2.6)
  remote: https://ci.appveyor.com/nuget/onset-detection-ce96cu4ph0k5
    OnsetDetection (1.0.6071.26192) - framework: >= net45
      CSCore (>= 1.1.15)
      MathNet.Numerics (>= 3.11.1)
  remote: https://ci.appveyor.com/nuget/quickfont-m6wdxb2yf1v5
    SharpFont.Dependencies (2.6) - framework: >= net45

GROUP Build
NUGET
  remote: https://www.nuget.org/api/v2
    FAKE (4.47.1)

GROUP Deploy
NUGET
  remote: https://www.nuget.org/api/v2
    ILRepack (2.0.12)
    Microsoft.Data.Edm (5.6.1)
    Microsoft.Data.OData (5.6.1)
      Microsoft.Data.Edm (5.6.1)
      System.Spatial (5.6.1)
    Microsoft.Data.Services.Client (5.6.1)
      Microsoft.Data.OData (5.6.1)
    System.Spatial (5.6.1)
